FRAMEWORK: >= NET45
NUGET
  remote: https://www.nuget.org/api/v2
    AvalonEdit (5.0.3)
